PATH
  remote: .
  specs:
    songkickr (0.5.5)
      httparty (>= 0.5.0)

GEM
  remote: https://rubygems.org/
  specs:
    activesupport (4.1.6)
      i18n (~> 0.6, >= 0.6.9)
      json (~> 1.7, >= 1.7.7)
      minitest (~> 5.1)
      thread_safe (~> 0.1)
      tzinfo (~> 1.1)
    addressable (2.3.6)
    coderay (1.1.0)
    crack (0.4.2)
      safe_yaml (~> 1.0.0)
    ffi (1.9.6-java)
    httparty (0.13.7)
      json (~> 1.8)
      multi_xml (>= 0.5.2)
    i18n (0.6.11)
    json (1.8.6)
    json (1.8.6-java)
    method_source (0.8.2)
    minitest (5.4.2)
    multi_xml (0.5.5)
    power_assert (0.1.4)
    pry (0.10.1)
      coderay (~> 1.1.0)
      method_source (~> 0.8.1)
      slop (~> 3.4)
    pry (0.10.1-java)
      coderay (~> 1.1.0)
      method_source (~> 0.8.1)
      slop (~> 3.4)
      spoon (~> 0.0)
    rake (10.3.2)
    rdoc (6.2.0)
    safe_yaml (1.0.4)
    shoulda (3.5.0)
      shoulda-context (~> 1.0, >= 1.0.1)
      shoulda-matchers (>= 1.4.1, < 3.0)
    shoulda-context (1.2.1)
    shoulda-matchers (2.7.0)
      activesupport (>= 3.0.0)
    slop (3.6.0)
    spoon (0.0.4)
      ffi
    test-unit (3.0.3)
      power_assert
    thread_safe (0.3.4)
    thread_safe (0.3.4-java)
    tzinfo (1.2.2)
      thread_safe (~> 0.1)
    vcr (2.9.3)
    webmock (1.8.11)
      addressable (>= 2.2.7)
      crack (>= 0.1.7)

PLATFORMS
  java
  ruby

DEPENDENCIES
  crack
  pry
  rake (~> 10.3.0)
  rdoc (~> 6.2.0)
  shoulda (>= 3.5.0)
  songkickr!
  test-unit (~> 3.0.0)
  vcr (~> 2.9.0)
  webmock (~> 1.8.0)

BUNDLED WITH
   1.11.2
